GEM
  remote: https://rubygems.org/
  specs:
    haml (4.0.3)
      tilt
    redcarpet (2.3.0)
    sass (3.2.9)
    tilt (1.4.1)

PLATFORMS
  ruby

DEPENDENCIES
  haml
  redcarpet
  sass
